GEM
  remote: https://rubygems.org/
  specs:
    backports (3.10.3)
    cool.io (1.5.1)
    fluentd (0.14.21)
      cool.io (>= 1.4.5, < 2.0.0)
      http_parser.rb (>= 0.5.1, < 0.7.0)
      msgpack (>= 0.7.0, < 2.0.0)
      ruby_dig (~> 0.0.2)
      serverengine (>= 2.0.4, < 3.0.0)
      sigdump (~> 0.2.2)
      strptime (~> 0.1.7)
      tzinfo (~> 1.0)
      tzinfo-data (~> 1.0)
      yajl-ruby (~> 1.0)
    http_parser.rb (0.6.0)
    msgpack (1.1.0)
    multi_json (1.12.2)
    mustermann (1.0.1)
    rack (2.0.3)
    rack-protection (2.0.0)
      rack
    ruby_dig (0.0.2)
    serverengine (2.0.5)
      sigdump (~> 0.2.2)
    sigdump (0.2.4)
    sinatra (2.0.0)
      mustermann (~> 1.0)
      rack (~> 2.0)
      rack-protection (= 2.0.0)
      tilt (~> 2.0)
    sinatra-contrib (2.0.0)
      backports (>= 2.0)
      multi_json
      mustermann (~> 1.0)
      rack-protection (= 2.0.0)
      sinatra (= 2.0.0)
      tilt (>= 1.3, < 3)
    strptime (0.1.9)
    thread_safe (0.3.6)
    tilt (2.0.8)
    tzinfo (1.2.3)
      thread_safe (~> 0.1)
    tzinfo-data (1.2017.2)
      tzinfo (>= 1.0.0)
    yajl-ruby (1.3.0)

PLATFORMS
  ruby

DEPENDENCIES
  fluentd
  sinatra
  sinatra-contrib

RUBY VERSION
   ruby 2.3.4p301

BUNDLED WITH
   1.15.3
